PATH
  remote: .
  specs:
    piggybak_giftcerts (0.1.1)
      piggybak_variants

GEM
  remote: http://rubygems.org/
  specs:
    piggybak_variants (0.1.0)

PLATFORMS
  ruby

DEPENDENCIES
  piggybak_giftcerts!
